GEM
  remote: https://rubygems.org/
  specs:
    json (1.8.1)
    rake (12.3.3)
    rdoc (4.1.1)
      json (~> 1.4)

PLATFORMS
  ruby

DEPENDENCIES
  rake
  rdoc
